PATH
  remote: .
  specs:
    yotpo_kafka (0.0.0)
      phobos
      resque (>= 1.26)
      ruby-kafka (= 0.5.3)

GEM
  remote: https://rubygems.org/
  specs:
    activesupport (5.2.1)
      concurrent-ruby (~> 1.0, >= 1.0.2)
      i18n (>= 0.7, < 2)
      minitest (~> 5.1)
      tzinfo (~> 1.1)
    concurrent-ruby (1.1.3)
    concurrent-ruby-ext (1.1.3)
      concurrent-ruby (= 1.1.3)
    exponential-backoff (0.0.2)
    i18n (1.1.0)
      concurrent-ruby (~> 1.0)
    little-plugger (1.1.4)
    logging (2.2.2)
      little-plugger (~> 1.1)
      multi_json (~> 1.10)
    minitest (5.11.3)
    mono_logger (1.1.0)
    multi_json (1.13.1)
    mustermann (1.0.3)
    phobos (1.8.1)
      activesupport (>= 3.0.0)
      concurrent-ruby (>= 1.0.2)
      concurrent-ruby-ext (>= 1.0.2)
      exponential-backoff
      logging
      ruby-kafka
      thor
    rack (2.0.6)
    rack-protection (2.0.4)
      rack
    redis (4.0.3)
    redis-namespace (1.6.0)
      redis (>= 3.0.4)
    resque (1.27.4)
      mono_logger (~> 1.0)
      multi_json (~> 1.0)
      redis-namespace (~> 1.3)
      sinatra (>= 0.9.2)
      vegas (~> 0.1.2)
    ruby-kafka (0.5.3)
    sinatra (2.0.4)
      mustermann (~> 1.0)
      rack (~> 2.0)
      rack-protection (= 2.0.4)
      tilt (~> 2.0)
    thor (0.20.3)
    thread_safe (0.3.6)
    tilt (2.0.8)
    tzinfo (1.2.5)
      thread_safe (~> 0.1)
    vegas (0.1.11)
      rack (>= 1.0.0)

PLATFORMS
  ruby

DEPENDENCIES
  yotpo_kafka!

BUNDLED WITH
   1.16.6
